GEM
  remote: https://rubygems.org/
  specs:
    cuba (3.4.0)
      rack
    puma (2.10.2)
      rack (>= 1.1, < 2.0)
    rack (1.6.13)

PLATFORMS
  ruby

DEPENDENCIES
  cuba (~> 3.4.0)
  puma (~> 2.10.2)
