GEM
  remote: https://rubygems.org/
  specs:
    cuba (3.4.0)
      rack
    nio4r (2.5.8)
    puma (4.3.12)
      nio4r (~> 2.0)
    rack (2.2.3)

PLATFORMS
  ruby

DEPENDENCIES
  cuba (~> 3.4.0)
  puma (~> 4.3.12)
